GIT
  remote: git://github.com/metaskills/less-rails.git
  revision: 6e2a775480cc1ce1f702a3409ef95ebff68ceb70
  specs:
    less-rails (2.5.0)
      actionpack (>= 3.1)
      less (~> 2.5.0)

GIT
  remote: git://github.com/rweng/jquery-datatables-rails.git
  revision: 494f752b8eb8350f33841c822a67d014c869219f
  specs:
    jquery-datatables-rails (1.11.2)
      jquery-rails

GIT
  remote: git://github.com/thedarkone/rails-dev-boost.git
  revision: d21b297863221d6682a99c0207ac3d219a5e7ba4
  specs:
    rails-dev-boost (0.2.1)
      listen (>= 0.5)
      rails (>= 3.0)

GIT
  remote: https://github.com/cgunther/formtastic-bootstrap.git
  revision: 3428fef4f7870b01241d65893b882ad32cfc18d8
  branch: bootstrap-2
  specs:
    formtastic-bootstrap (1.2.0)
      formtastic
      rails (>= 3.1.0)

GIT
  remote: https://github.com/jilion/useragent.git
  revision: b65739e911aea99e444c608e65c7be9d483d4eaf
  specs:
    useragent (0.2.3)

GEM
  remote: https://rubygems.org/
  specs:
    actionmailer (3.2.18)
      actionpack (= 3.2.18)
      mail (~> 2.5.4)
    actionpack (3.2.18)
      activemodel (= 3.2.18)
      activesupport (= 3.2.18)
      builder (~> 3.0.0)
      erubis (~> 2.7.0)
      journey (~> 1.0.4)
      rack (~> 1.4.5)
      rack-cache (~> 1.2)
      rack-test (~> 0.6.1)
      sprockets (~> 2.2.1)
    active_attr (0.5.1)
      activemodel (>= 3.0.2, < 4.1)
      activesupport (>= 3.0.2, < 4.1)
    activemodel (3.2.18)
      activesupport (= 3.2.18)
      builder (~> 3.0.0)
    activerecord (3.2.18)
      activemodel (= 3.2.18)
      activesupport (= 3.2.18)
      arel (~> 3.0.2)
      tzinfo (~> 0.3.29)
    activeresource (3.2.18)
      activemodel (= 3.2.18)
      activesupport (= 3.2.18)
    activesupport (3.2.18)
      i18n (~> 0.6, >= 0.6.4)
      multi_json (~> 1.0)
    acts_as_list (0.4.0)
      activerecord (>= 3.0)
    amoeba (2.0.0)
      activerecord (>= 3.0)
    arel (3.0.3)
    bcrypt-ruby (3.0.1)
    builder (3.0.4)
    cancan (1.6.8)
    capistrano (2.12.0)
      highline
      net-scp (>= 1.0.0)
      net-sftp (>= 2.0.0)
      net-ssh (>= 2.0.14)
      net-ssh-gateway (>= 1.1.0)
    cocaine (0.4.2)
    coffee-rails (3.2.2)
      coffee-script (>= 2.2.0)
      railties (~> 3.2.0)
    coffee-script (2.2.0)
      coffee-script-source
      execjs
    coffee-script-source (1.7.0)
    commonjs (0.2.7)
    devise (2.0.4)
      bcrypt-ruby (~> 3.0)
      orm_adapter (~> 0.0.3)
      railties (~> 3.1)
      warden (~> 1.1.1)
    dynamic_form (1.1.4)
    erubis (2.7.0)
    exception_notification (2.5.2)
      actionmailer (>= 3.0.4)
    execjs (1.4.0)
      multi_json (~> 1.0)
    faraday (0.9.0)
      multipart-post (>= 1.2, < 3)
    ffi (1.9.0)
    formtastic (2.1.1)
      actionpack (~> 3.0)
    globalize3 (0.2.0)
      activemodel (>= 3.0.0)
      activerecord (>= 3.0.0)
      paper_trail (~> 2)
    gon (2.2.2)
      actionpack (>= 2.3.0)
      json
    has_permalink (0.1.4)
    hashie (2.0.5)
    highline (1.6.15)
    hike (1.2.3)
    httpauth (0.2.1)
    httpclient (2.3.4.1)
    i18n (0.6.9)
    i18n-js (2.1.2)
      i18n
    impressionist (1.4.1)
      httpclient (~> 2.2)
      nokogiri (~> 1.6.0)
    journey (1.0.4)
    jquery-rails (1.0.19)
      railties (~> 3.0)
      thor (~> 0.14)
    jquery-ui-rails (4.0.3)
      jquery-rails
      railties (>= 3.1.0)
    json (1.8.1)
    jwt (0.1.6)
      multi_json (>= 1.0)
    kgio (2.7.4)
    less (2.5.0)
      commonjs (~> 0.2.7)
    libv8 (3.3.10.4)
    listen (0.7.2)
    mail (2.5.4)
      mime-types (~> 1.16)
      treetop (~> 1.4.8)
    mime-types (1.25.1)
    mini_portile (0.5.3)
    multi_json (1.10.1)
    multipart-post (2.0.0)
    mysql2 (0.3.16)
    net-scp (1.0.4)
      net-ssh (>= 1.99.1)
    net-sftp (2.0.5)
      net-ssh (>= 2.0.9)
    net-ssh (2.5.2)
    net-ssh-gateway (1.1.0)
      net-ssh (>= 1.99.1)
    nokogiri (1.6.1)
      mini_portile (~> 0.5.0)
    oauth2 (0.8.1)
      faraday (~> 0.8)
      httpauth (~> 0.1)
      jwt (~> 0.1.4)
      multi_json (~> 1.0)
      rack (~> 1.2)
    omniauth (1.2.1)
      hashie (>= 1.2, < 3)
      rack (~> 1.0)
    omniauth-facebook (1.6.0)
      omniauth-oauth2 (~> 1.1)
    omniauth-oauth2 (1.1.1)
      oauth2 (~> 0.8.0)
      omniauth (~> 1.0)
    orm_adapter (0.0.7)
    paper_trail (2.6.3)
      activerecord (~> 3.0)
      railties (~> 3.0)
    paperclip (3.4.0)
      activemodel (>= 3.0.0)
      activerecord (>= 3.0.0)
      activesupport (>= 3.0.0)
      cocaine (~> 0.4.0)
      mime-types
    paperclip-ffmpeg (1.0.1)
      paperclip (>= 2.5.2)
    polyglot (0.3.4)
    psych (1.2.2)
    rack (1.4.5)
    rack-cache (1.2)
      rack (>= 0.4)
    rack-ssl (1.3.4)
      rack
    rack-test (0.6.2)
      rack (>= 1.0)
    rails (3.2.18)
      actionmailer (= 3.2.18)
      actionpack (= 3.2.18)
      activerecord (= 3.2.18)
      activeresource (= 3.2.18)
      activesupport (= 3.2.18)
      bundler (~> 1.0)
      railties (= 3.2.18)
    rails_autolink (1.0.9)
      rails (~> 3.1)
    railties (3.2.18)
      actionpack (= 3.2.18)
      activesupport (= 3.2.18)
      rack-ssl (~> 1.3.2)
      rake (>= 0.8.7)
      rdoc (~> 3.4)
      thor (>= 0.14.6, < 2.0)
    raindrops (0.10.0)
    rake (10.3.2)
    rb-inotify (0.8.8)
      ffi (>= 0.5.0)
    rdoc (3.12.2)
      json (~> 1.4)
    remotipart (1.2.1)
    sass (3.3.7)
    sass-rails (3.2.6)
      railties (~> 3.2.0)
      sass (>= 3.1.10)
      tilt (~> 1.3)
    sprockets (2.2.2)
      hike (~> 1.2)
      multi_json (~> 1.0)
      rack (~> 1.0)
      tilt (~> 1.1, != 1.3.0)
    subexec (0.2.3)
    therubyracer (0.10.2)
      libv8 (~> 3.3.10)
    thor (0.19.1)
    tilt (1.4.1)
    tinymce-rails (3.5.9)
      railties (>= 3.1.1)
    tinymce-rails-imageupload (3.5.8.3)
      railties (>= 3.1)
      tinymce-rails (>= 3.4.9)
    treetop (1.4.15)
      polyglot
      polyglot (>= 0.3.1)
    twitter-bootstrap-rails (2.2.8)
      actionpack (>= 3.1)
      execjs
      rails (>= 3.1)
      railties (>= 3.1)
    tzinfo (0.3.39)
    uglifier (1.3.0)
      execjs (>= 0.3.0)
      multi_json (~> 1.0, >= 1.0.2)
    unicorn (4.2.1)
      kgio (~> 2.6)
      rack
      raindrops (~> 0.7)
    unidecoder (1.1.2)
    warden (1.1.1)
      rack (>= 1.0)
    will_paginate (3.0.3)

PLATFORMS
  ruby

DEPENDENCIES
  active_attr (~> 0.5.1)
  acts_as_list
  amoeba
  bundler
  cancan (~> 1.6.8)
  capistrano (~> 2.12.0)
  coffee-rails (~> 3.2.2)
  devise (~> 2.0.4)
  dynamic_form (~> 1.1.4)
  exception_notification (~> 2.5.2)
  formtastic (~> 2.1.1)
  formtastic-bootstrap!
  globalize3 (~> 0.2.0)
  gon (~> 2.2.2)
  has_permalink (~> 0.1.4)
  i18n-js (~> 2.1.2)
  impressionist (= 1.4.1)
  jquery-datatables-rails!
  jquery-rails (~> 1.0.19)
  jquery-ui-rails
  json
  less-rails!
  mysql2 (~> 0.3.16)
  omniauth
  omniauth-facebook
  paperclip (~> 3.4.0)
  paperclip-ffmpeg
  psych (~> 1.2.2)
  rails (= 3.2.18)
  rails-dev-boost!
  rails_autolink (~> 1.0.9)
  rb-inotify (~> 0.8.8)
  remotipart (~> 1.2)
  sass-rails (~> 3.2.6)
  subexec (~> 0.2.3)
  therubyracer
  tinymce-rails (~> 3.5.8)
  tinymce-rails-imageupload (~> 3.5.8)
  twitter-bootstrap-rails (~> 2.2.8)
  uglifier (>= 1.0.3)
  unicorn (~> 4.2.1)
  unidecoder (~> 1.1.2)
  useragent!
  will_paginate (~> 3.0.3)
